GEM
  remote: https://rubygems.org/
  specs:
    diff-lcs (1.5.0)
    rack (3.0.4.1)
    rack-test (2.0.2)
      rack (>= 1.3)
    rspec (3.12.0)
      rspec-core (~> 3.12.0)
      rspec-expectations (~> 3.12.0)
      rspec-mocks (~> 3.12.0)
    rspec-core (3.12.1)
      rspec-support (~> 3.12.0)
    rspec-expectations (3.12.2)
      diff-lcs (>= 1.2.0, < 2.0)
      rspec-support (~> 3.12.0)
    rspec-mocks (3.12.3)
      diff-lcs (>= 1.2.0, < 2.0)
      rspec-support (~> 3.12.0)
    rspec-support (3.12.0)

PLATFORMS
  ruby
  x86_64-linux

DEPENDENCIES
  rack (~> 3.0, >= 3.0.4.1)
  rack-test (~> 2.0, >= 2.0.2)
  rspec (~> 3.12)

BUNDLED WITH
   2.3.19
